GEM
  remote: https://rubygems.org/
  specs:
    activesupport (5.0.1)
      concurrent-ruby (~> 1.0, >= 1.0.2)
      i18n (~> 0.7)
      minitest (~> 5.1)
      tzinfo (~> 1.1)
    childprocess (0.5.9)
      ffi (~> 1.0, >= 1.0.11)
    concurrent-ruby (1.0.4)
    ffi (1.9.14-x64-mingw32)
    highline (1.7.8)
    i18n (0.7.0)
    minitest (5.10.1)
    thread_safe (0.3.5)
    tzinfo (1.2.2)
      thread_safe (~> 0.1)
    win32-process (0.8.3)
      ffi (>= 1.0.0)

PLATFORMS
  x64-mingw32

DEPENDENCIES
  activesupport (~> 5.0.1)
  childprocess (~> 0.5.9)
  highline (~> 1.7.8)
  win32-process (~> 0.8.3)

BUNDLED WITH
   1.13.7
